GEM
  remote: https://rubygems.org/
  specs:
    aws-sdk (2.10.47)
      aws-sdk-resources (= 2.10.47)
    aws-sdk-core (2.10.47)
      aws-sigv4 (~> 1.0)
      jmespath (~> 1.0)
    aws-sdk-resources (2.10.47)
      aws-sdk-core (= 2.10.47)
    aws-sigv4 (1.0.2)
    byebug (9.1.0)
    coderay (1.1.2)
    jmespath (1.3.1)
    method_source (0.8.2)
    pry (0.10.4)
      coderay (~> 1.1.0)
      method_source (~> 0.8.1)
      slop (~> 3.4)
    pry-byebug (3.5.0)
      byebug (~> 9.1)
      pry (~> 0.10)
    pry-doc (0.11.1)
      pry (~> 0.9)
      yard (~> 0.9)
    slop (3.6.0)
    yard (0.9.9)

PLATFORMS
  ruby

DEPENDENCIES
  aws-sdk (~> 2)
  pry-byebug
  pry-doc

BUNDLED WITH
   1.13.7
